GEM
  remote: https://rubygems.org/
  specs:
    font-awesome-sass (4.2.2)
      sass (~> 3.2)
    sass (3.4.10)

PLATFORMS
  ruby

DEPENDENCIES
  font-awesome-sass
